GEM
  remote: https://rubygems.org/
  specs:
    minitest (5.10.1)
    rake (12.0.0)
    sequel (4.43.0)

PLATFORMS
  ruby

DEPENDENCIES
  minitest
  rake
  sequel

BUNDLED WITH
   1.13.7
