GEM
  remote: https://rubygems.org/
  specs:
    minitest (5.10.1)
    rake (12.0.0)
    sequel (4.43.0)
    sqlite3 (1.3.13)

PLATFORMS
  ruby

DEPENDENCIES
  minitest
  rake
  sequel
  sqlite3

BUNDLED WITH
   1.13.7
